PATH
  remote: .
  specs:
    moneta (0.6.0)

GEM
  remote: http://rubygems.org/
  specs:
    diff-lcs (1.1.2)
    memcache (1.2.13)
    rake (0.8.7)
    rspec (2.5.0)
      rspec-core (~> 2.5.0)
      rspec-expectations (~> 2.5.0)
      rspec-mocks (~> 2.5.0)
    rspec-core (2.5.1)
    rspec-expectations (2.5.0)
      diff-lcs (~> 1.1.2)
    rspec-mocks (2.5.0)

PLATFORMS
  ruby

DEPENDENCIES
  memcache
  moneta!
  rake
  rspec
